GEM
  remote: https://rubygems.org/
  specs:
    actioncable (6.1.3.1)
      actionpack (= 6.1.3.1)
      activesupport (= 6.1.3.1)
      nio4r (~> 2.0)
      websocket-driver (>= 0.6.1)
    actionmailbox (6.1.3.1)
      actionpack (= 6.1.3.1)
      activejob (= 6.1.3.1)
      activerecord (= 6.1.3.1)
      activestorage (= 6.1.3.1)
      activesupport (= 6.1.3.1)
      mail (>= 2.7.1)
    actionmailer (6.1.3.1)
      actionpack (= 6.1.3.1)
      actionview (= 6.1.3.1)
      activejob (= 6.1.3.1)
      activesupport (= 6.1.3.1)
      mail (~> 2.5, >= 2.5.4)
      rails-dom-testing (~> 2.0)
    actionpack (6.1.3.1)
      actionview (= 6.1.3.1)
      activesupport (= 6.1.3.1)
      rack (~> 2.0, >= 2.0.9)
      rack-test (>= 0.6.3)
      rails-dom-testing (~> 2.0)
      rails-html-sanitizer (~> 1.0, >= 1.2.0)
    actiontext (6.1.3.1)
      actionpack (= 6.1.3.1)
      activerecord (= 6.1.3.1)
      activestorage (= 6.1.3.1)
      activesupport (= 6.1.3.1)
      nokogiri (>= 1.8.5)
    actionview (6.1.3.1)
      activesupport (= 6.1.3.1)
      builder (~> 3.1)
      erubi (~> 1.4)
      rails-dom-testing (~> 2.0)
      rails-html-sanitizer (~> 1.1, >= 1.2.0)
    active_model_serializers (0.10.12)
      actionpack (>= 4.1, < 6.2)
      activemodel (>= 4.1, < 6.2)
      case_transform (>= 0.2)
      jsonapi-renderer (>= 0.1.1.beta1, < 0.3)
    activejob (6.1.3.1)
      activesupport (= 6.1.3.1)
      globalid (>= 0.3.6)
    activemodel (6.1.3.1)
      activesupport (= 6.1.3.1)
    activerecord (6.1.3.1)
      activemodel (= 6.1.3.1)
      activesupport (= 6.1.3.1)
    activestorage (6.1.3.1)
      actionpack (= 6.1.3.1)
      activejob (= 6.1.3.1)
      activerecord (= 6.1.3.1)
      activesupport (= 6.1.3.1)
      marcel (~> 1.0.0)
      mini_mime (~> 1.0.2)
    activesupport (6.1.3.1)
      concurrent-ruby (~> 1.0, >= 1.0.2)
      i18n (>= 1.6, < 2)
      minitest (>= 5.1)
      tzinfo (~> 2.0)
      zeitwerk (~> 2.3)
    addressable (2.4.0)
    ansi (1.5.0)
    ast (2.4.2)
    awesome_print (1.8.0)
    backports (3.20.2)
    bcrypt (3.1.16)
    builder (3.2.4)
    byebug (11.1.3)
    case_transform (0.2)
      activesupport
    coderay (1.1.3)
    colorize (0.8.1)
    concurrent-ruby (1.1.8)
    connection_pool (2.2.3)
    crack (0.4.5)
      rexml
    crass (1.0.6)
    declarative (0.0.20)
    declarative-builder (0.1.0)
      declarative-option (< 0.2.0)
    declarative-option (0.1.0)
    diff-lcs (1.4.4)
    disposable (0.4.7)
      declarative (>= 0.0.9, < 1.0.0)
      declarative-builder (< 0.2.0)
      declarative-option (< 0.2.0)
      representable (>= 2.4.0, <= 3.1.0)
      uber (< 0.2.0)
    docile (1.3.5)
    doorkeeper (4.4.3)
      railties (>= 4.2)
    dry-configurable (0.12.0)
      concurrent-ruby (~> 1.0)
      dry-core (~> 0.5, >= 0.5.0)
    dry-container (0.7.2)
      concurrent-ruby (~> 1.0)
      dry-configurable (~> 0.1, >= 0.1.3)
    dry-core (0.5.0)
      concurrent-ruby (~> 1.0)
    dry-equalizer (0.3.0)
    dry-logic (0.4.2)
      dry-container (~> 0.2, >= 0.2.6)
      dry-core (~> 0.2)
      dry-equalizer (~> 0.2)
    dry-types (0.12.3)
      concurrent-ruby (~> 1.0)
      dry-configurable (~> 0.1)
      dry-container (~> 0.3)
      dry-core (~> 0.2, >= 0.2.1)
      dry-equalizer (~> 0.2)
      dry-logic (~> 0.4, >= 0.4.2)
      inflecto (~> 0.0.0, >= 0.0.2)
    dry-validation (0.11.2)
      concurrent-ruby (~> 1.0)
      dry-configurable (~> 0.1, >= 0.1.3)
      dry-core (~> 0.2, >= 0.2.1)
      dry-equalizer (~> 0.2)
      dry-logic (~> 0.4.2)
      dry-types (~> 0.12.0)
    erubi (1.10.0)
    et-orbi (1.2.4)
      tzinfo
    ethon (0.12.0)
      ffi (>= 1.3.0)
    factory_bot (6.1.0)
      activesupport (>= 5.0.0)
    factory_bot_rails (6.1.0)
      factory_bot (~> 6.1.0)
      railties (>= 5.0.0)
    faker (2.16.0)
      i18n (>= 1.6, < 2)
    faraday (0.17.4)
      multipart-post (>= 1.2, < 3)
    faraday_middleware (0.14.0)
      faraday (>= 0.7.4, < 1.0)
    ffi (1.14.2)
    formatador (0.2.5)
    fugit (1.4.2)
      et-orbi (~> 1.1, >= 1.1.8)
      raabro (~> 1.4)
    gh (0.15.1)
      addressable (~> 2.4.0)
      backports
      faraday (~> 0.8)
      multi_json (~> 1.0)
      net-http-persistent (~> 2.9)
      net-http-pipeline
    globalid (0.4.2)
      activesupport (>= 4.2.0)
    guard (2.16.2)
      formatador (>= 0.2.4)
      listen (>= 2.7, < 4.0)
      lumberjack (>= 1.0.12, < 2.0)
      nenv (~> 0.1)
      notiffany (~> 0.0)
      pry (>= 0.9.12)
      shellany (~> 0.0)
      thor (>= 0.18.1)
    guard-compat (1.2.1)
    guard-rspec (4.7.3)
      guard (~> 2.1)
      guard-compat (~> 1.1)
      rspec (>= 2.99.0, < 4.0)
    hashdiff (1.0.1)
    hashie (4.1.0)
    highline (1.7.10)
    hirb (0.7.3)
    i18n (1.8.10)
      concurrent-ruby (~> 1.0)
    inflecto (0.0.2)
    json (2.5.1)
    jsonapi-renderer (0.2.2)
    jwt (2.2.2)
    jwtf (0.2.0)
      jwt (~> 2.2.0, >= 2.2.0)
    launchy (2.4.3)
      addressable (~> 2.3)
    listen (3.4.1)
      rb-fsevent (~> 0.10, >= 0.10.3)
      rb-inotify (~> 0.9, >= 0.9.10)
    logstasher (2.1.5)
      activesupport (>= 5.2)
      request_store
    loofah (2.9.0)
      crass (~> 1.0.2)
      nokogiri (>= 1.5.9)
    lumberjack (1.2.8)
    mail (2.7.1)
      mini_mime (>= 0.1.1)
    marcel (1.0.1)
    method_source (1.0.0)
    mina (1.2.3)
      open4 (~> 1.3.4)
      rake
    mini_mime (1.0.3)
    mini_portile2 (2.5.0)
    minitest (5.14.4)
    multi_json (1.15.0)
    multipart-post (2.1.1)
    nenv (0.3.0)
    net-http-persistent (2.9.4)
    net-http-pipeline (1.0.1)
    nio4r (2.5.7)
    nokogiri (1.11.2)
      mini_portile2 (~> 2.5.0)
      racc (~> 1.4)
    notiffany (0.1.3)
      nenv (~> 0.1)
      shellany (~> 0.0)
    open4 (1.3.4)
    parallel (1.20.1)
    parser (3.0.0.0)
      ast (~> 2.4.1)
    pastel (0.8.0)
      tty-color (~> 0.5)
    pg (1.2.3)
    pry (0.13.1)
      coderay (~> 1.1)
      method_source (~> 1.0)
    pry-byebug (3.9.0)
      byebug (~> 11.0)
      pry (~> 0.13.0)
    pry-rails (0.3.9)
      pry (>= 0.10.4)
    puma (5.2.1)
      nio4r (~> 2.0)
    pundit (2.1.0)
      activesupport (>= 3.0.0)
    pusher-client (0.6.2)
      json
      websocket (~> 1.0)
    raabro (1.4.0)
    racc (1.5.2)
    rack (2.2.3)
    rack-cors (1.1.1)
      rack (>= 2.0.0)
    rack-test (1.1.0)
      rack (>= 1.0, < 3)
    rails (6.1.3.1)
      actioncable (= 6.1.3.1)
      actionmailbox (= 6.1.3.1)
      actionmailer (= 6.1.3.1)
      actionpack (= 6.1.3.1)
      actiontext (= 6.1.3.1)
      actionview (= 6.1.3.1)
      activejob (= 6.1.3.1)
      activemodel (= 6.1.3.1)
      activerecord (= 6.1.3.1)
      activestorage (= 6.1.3.1)
      activesupport (= 6.1.3.1)
      bundler (>= 1.15.0)
      railties (= 6.1.3.1)
      sprockets-rails (>= 2.0.0)
    rails-dom-testing (2.0.3)
      activesupport (>= 4.2.0)
      nokogiri (>= 1.6)
    rails-html-sanitizer (1.3.0)
      loofah (~> 2.3)
    railties (6.1.3.1)
      actionpack (= 6.1.3.1)
      activesupport (= 6.1.3.1)
      method_source
      rake (>= 0.8.7)
      thor (~> 1.0)
    rainbow (3.0.0)
    rake (13.0.3)
    rb-fsevent (0.10.4)
    rb-inotify (0.10.1)
      ffi (~> 1.0)
    redis (4.2.5)
    reform (2.3.3)
      disposable (>= 0.4.2, < 0.5.0)
      representable (>= 2.4.0, < 3.1.0)
      uber (< 0.2.0)
    reform-rails (0.2.1)
      activemodel (>= 5.0)
      reform (>= 2.3.1, < 3.0.0)
    regexp_parser (2.0.3)
    representable (3.0.4)
      declarative (< 0.1.0)
      declarative-option (< 0.2.0)
      uber (< 0.2.0)
    request_store (1.5.0)
      rack (>= 1.4)
    rexml (3.2.4)
    rspec (3.10.0)
      rspec-core (~> 3.10.0)
      rspec-expectations (~> 3.10.0)
      rspec-mocks (~> 3.10.0)
    rspec-core (3.10.1)
      rspec-support (~> 3.10.0)
    rspec-expectations (3.10.1)
      diff-lcs (>= 1.2.0, < 2.0)
      rspec-support (~> 3.10.0)
    rspec-its (1.3.0)
      rspec-core (>= 3.0.0)
      rspec-expectations (>= 3.0.0)
    rspec-mocks (3.10.2)
      diff-lcs (>= 1.2.0, < 2.0)
      rspec-support (~> 3.10.0)
    rspec-rails (4.0.2)
      actionpack (>= 4.2)
      activesupport (>= 4.2)
      railties (>= 4.2)
      rspec-core (~> 3.10)
      rspec-expectations (~> 3.10)
      rspec-mocks (~> 3.10)
      rspec-support (~> 3.10)
    rspec-support (3.10.2)
    rubocop (1.9.1)
      parallel (~> 1.10)
      parser (>= 3.0.0.0)
      rainbow (>= 2.2.2, < 4.0)
      regexp_parser (>= 1.8, < 3.0)
      rexml
      rubocop-ast (>= 1.2.0, < 2.0)
      ruby-progressbar (~> 1.7)
      unicode-display_width (>= 1.4.0, < 3.0)
    rubocop-ast (1.4.1)
      parser (>= 2.7.1.5)
    ruby-progressbar (1.11.0)
    shellany (0.0.1)
    shoulda-matchers (4.5.1)
      activesupport (>= 4.2.0)
    sidekiq (6.1.3)
      connection_pool (>= 2.2.2)
      rack (~> 2.0)
      redis (>= 4.2.0)
    sidekiq-cron (1.2.0)
      fugit (~> 1.1)
      sidekiq (>= 4.2.1)
    simplecov (0.21.2)
      docile (~> 1.1)
      simplecov-html (~> 0.11)
      simplecov_json_formatter (~> 0.1)
    simplecov-console (0.9.1)
      ansi
      simplecov
      terminal-table
    simplecov-html (0.12.3)
    simplecov_json_formatter (0.1.2)
    spring (2.1.1)
    spring-commands-rspec (1.0.4)
      spring (>= 0.9.1)
    spring-watcher-listen (2.0.1)
      listen (>= 2.7, < 4.0)
      spring (>= 1.2, < 3.0)
    sprockets (4.0.2)
      concurrent-ruby (~> 1.0)
      rack (> 1, < 3)
    sprockets-rails (3.2.2)
      actionpack (>= 4.0)
      activesupport (>= 4.0)
      sprockets (>= 3.0.0)
    terminal-table (3.0.0)
      unicode-display_width (~> 1.1, >= 1.1.1)
    thor (1.1.0)
    timecop (0.9.4)
    trailblazer (2.1.0)
      trailblazer-macro (>= 2.1.0, < 2.2.0)
      trailblazer-macro-contract (>= 2.1.0, < 2.2.0)
      trailblazer-operation
    trailblazer-activity (0.11.5)
      trailblazer-context (>= 0.3.1, < 0.4.0)
    trailblazer-activity-dsl-linear (0.3.4)
      trailblazer-activity (>= 0.11.3, < 1.0.0)
    trailblazer-context (0.3.1)
      hashie (~> 4.1)
    trailblazer-developer (0.0.20)
      hirb
      representable
      trailblazer-activity (>= 0.11.0, < 1.0.0)
      trailblazer-activity-dsl-linear
    trailblazer-macro (2.1.4)
      trailblazer-activity (>= 0.11.2, < 1.0.0)
      trailblazer-activity-dsl-linear (>= 0.3.3, < 1.0.0)
      trailblazer-operation (>= 0.6.5)
    trailblazer-macro-contract (2.1.0)
      reform (>= 2.2.0, < 3.0.0)
    trailblazer-operation (0.6.6)
      trailblazer-activity (>= 0.11.2, < 1.0.0)
      trailblazer-activity-dsl-linear (>= 0.3.2, < 1.0.0)
      trailblazer-developer (>= 0.0.8)
    travis (1.8.13)
      backports
      faraday (~> 0.9)
      faraday_middleware (~> 0.9, >= 0.9.1)
      gh (~> 0.13)
      highline (~> 1.6)
      launchy (~> 2.1)
      pusher-client (~> 0.4)
      typhoeus (~> 0.6, >= 0.6.8)
    tty-color (0.6.0)
    typhoeus (0.8.0)
      ethon (>= 0.8.0)
    tzinfo (2.0.4)
      concurrent-ruby (~> 1.0)
    uber (0.1.0)
    unicode-display_width (1.7.0)
    unindent (1.0)
    vcr (6.0.0)
    webmock (3.11.2)
      addressable (>= 2.3.6)
      crack (>= 0.3.2)
      hashdiff (>= 0.4.0, < 2.0.0)
    websocket (1.2.9)
    websocket-driver (0.7.3)
      websocket-extensions (>= 0.1.0)
    websocket-extensions (0.1.5)
    zeitwerk (2.4.2)

PLATFORMS
  ruby

DEPENDENCIES
  active_model_serializers (~> 0.10.0)
  awesome_print
  bcrypt (~> 3.1.7)
  colorize
  doorkeeper (~> 4.4.0)
  dry-validation (~> 0.11.1)
  factory_bot_rails
  faker
  guard-rspec
  jwt
  jwtf (= 0.2.0)
  listen
  logstasher
  mina (~> 1.2)
  pastel
  pg
  pry
  pry-byebug
  pry-rails
  puma
  pundit
  rack-cors
  rails (~> 6.1.3.1)
  reform
  reform-rails
  rspec-its
  rspec-rails
  rubocop
  shoulda-matchers
  sidekiq
  sidekiq-cron
  simplecov
  simplecov-console
  spring
  spring-commands-rspec
  spring-watcher-listen
  timecop
  trailblazer
  travis
  tzinfo-data
  unindent
  vcr
  webmock

BUNDLED WITH
   2.1.4
